PATH
  remote: .
  specs:
    capistrano-opscomplete (1.3.1)
      capistrano (>= 3.0, < 4.0.0)
      rake

GEM
  remote: https://rubygems.org/
  specs:
    airbrussh (1.5.2)
      sshkit (>= 1.6.1, != 1.7.0)
    ast (2.4.2)
    base64 (0.2.0)
    capistrano (3.19.1)
      airbrussh (>= 1.0.0)
      i18n
      rake (>= 10.0.0)
      sshkit (>= 1.9.0)
    concurrent-ruby (1.3.4)
    i18n (1.14.5)
      concurrent-ruby (~> 1.0)
    jaro_winkler (1.5.4)
    makandra-rubocop (4.4.0)
      rubocop (~> 0.76.0)
      rubocop-rails (~> 2.3.2)
    net-scp (4.0.0)
      net-ssh (>= 2.6.5, < 8.0.0)
    net-sftp (4.0.0)
      net-ssh (>= 5.0.0, < 8.0.0)
    net-ssh (7.2.3)
    parallel (1.20.1)
    parser (3.0.1.1)
      ast (~> 2.4.1)
    rack (3.0.14)
    rainbow (3.0.0)
    rake (13.0.6)
    rubocop (0.76.0)
      jaro_winkler (~> 1.5.1)
      parallel (~> 1.10)
      parser (>= 2.6)
      rainbow (>= 2.2.2, < 4.0)
      ruby-progressbar (~> 1.7)
      unicode-display_width (>= 1.4.0, < 1.7)
    rubocop-rails (2.3.2)
      rack (>= 1.1)
      rubocop (>= 0.72.0)
    ruby-progressbar (1.11.0)
    sshkit (1.23.0)
      base64
      net-scp (>= 1.1.2)
      net-sftp (>= 2.1.2)
      net-ssh (>= 2.8.0)
    unicode-display_width (1.6.1)

PLATFORMS
  ruby

DEPENDENCIES
  bundler (~> 2)
  capistrano-opscomplete!
  makandra-rubocop (~> 4)
  rake (~> 13)

BUNDLED WITH
   2.4.22
